GIT
  remote: https://github.com/trombik/ansible-vault
  revision: 32d4909d7f4d4788a84df0c1a50a92bca03ef5d1
  branch: 0.2.0
  specs:
    ansible-vault (0.2.0)

GIT
  remote: https://github.com/trombik/ansibleinventory.git
  revision: 6ca46fadc35fe837b8cd701d9882e11567556a89
  branch: master
  specs:
    ansibleinventory (0.1.0)

GIT
  remote: https://github.com/trombik/vagrant-serverspec.git
  revision: 07d6aea596731c7670cebe734552d6f407df3d1e
  branch: master
  specs:
    vagrant-serverspec (0.1.0)
      net-ssh (>= 3.0.2)
      serverspec (>= 2.40.0)
      vagrant-ssh-config

GIT
  remote: https://github.com/trombik/vagrant-ssh-config.git
  revision: 98cfbe2e32a7971581450e0b9fd24879f0b6e832
  branch: master
  specs:
    vagrant-ssh-config (1.0.1)
      net-ssh (>= 3.0.2)

GEM
  remote: https://rubygems.org/
  specs:
    addressable (2.7.0)
      public_suffix (>= 2.0.2, < 5.0)
    ast (2.4.0)
    diff-lcs (1.3)
    dnsruby (1.61.3)
      addressable (~> 2.5)
    highline (2.0.3)
    io-console (0.5.6)
    irb (1.2.3)
      reline (>= 0.0.1)
    multi_json (1.14.1)
    net-scp (2.0.0)
      net-ssh (>= 2.6.5, < 6.0.0)
    net-ssh (5.2.0)
    net-telnet (0.1.1)
    parallel (1.19.1)
    parser (2.7.1.1)
      ast (~> 2.4.0)
    powerpack (0.1.2)
    public_suffix (4.0.4)
    rainbow (2.2.2)
      rake
    rake (13.0.1)
    reline (0.1.3)
      io-console (~> 0.5)
    retries (0.0.5)
    rspec (3.4.0)
      rspec-core (~> 3.4.0)
      rspec-expectations (~> 3.4.0)
      rspec-mocks (~> 3.4.0)
    rspec-core (3.4.4)
      rspec-support (~> 3.4.0)
    rspec-expectations (3.4.0)
      diff-lcs (>= 1.2.0, < 2.0)
      rspec-support (~> 3.4.0)
    rspec-its (1.3.0)
      rspec-core (>= 3.0.0)
      rspec-expectations (>= 3.0.0)
    rspec-mocks (3.4.1)
      diff-lcs (>= 1.2.0, < 2.0)
      rspec-support (~> 3.4.0)
    rspec-retry (0.5.7)
      rspec-core (> 3.3)
    rspec-support (3.4.1)
    rubocop (0.51.0)
      parallel (~> 1.10)
      parser (>= 2.3.3.1, < 3.0)
      powerpack (~> 0.1)
      rainbow (>= 2.2.2, < 3.0)
      ruby-progressbar (~> 1.7)
      unicode-display_width (~> 1.0, >= 1.0.1)
    ruby-progressbar (1.10.1)
    serverspec (2.41.5)
      multi_json
      rspec (~> 3.0)
      rspec-its
      specinfra (~> 2.72)
    sfl (2.3)
    specinfra (2.82.15)
      net-scp
      net-ssh (>= 2.7)
      net-telnet (= 0.1.1)
      sfl
    unicode-display_width (1.7.0)

PLATFORMS
  ruby

DEPENDENCIES
  ansible-vault!
  ansibleinventory!
  dnsruby
  highline
  irb
  rake
  retries (~> 0.0.5)
  rspec (~> 3.4.0)
  rspec-retry (~> 0.5.5)
  rubocop (~> 0.51.0)
  serverspec
  vagrant-serverspec!
  vagrant-ssh-config!

BUNDLED WITH
   2.0.2
